PATH
  remote: .
  specs:
    ruby2 (0.1.0)
      binary_parser (~> 1.3.0)
      hex_string (~> 1.0.1)
      httparty (~> 0.16.2)
      json (~> 2.1.0)

GEM
  remote: https://rubygems.org/
  specs:
    binary_parser (1.3.0)
    diff-lcs (1.3)
    hex_string (1.0.1)
    httparty (0.16.2)
      multi_xml (>= 0.5.2)
    json (2.1.0)
    multi_xml (0.6.0)
    rake (10.5.0)
    rspec (3.7.0)
      rspec-core (~> 3.7.0)
      rspec-expectations (~> 3.7.0)
      rspec-mocks (~> 3.7.0)
    rspec-core (3.7.1)
      rspec-support (~> 3.7.0)
    rspec-expectations (3.7.0)
      diff-lcs (>= 1.2.0, < 2.0)
      rspec-support (~> 3.7.0)
    rspec-mocks (3.7.0)
      diff-lcs (>= 1.2.0, < 2.0)
      rspec-support (~> 3.7.0)
    rspec-support (3.7.1)

PLATFORMS
  x64-mingw32

DEPENDENCIES
  binary_parser (= 1.3.0)
  bundler (~> 1.16)
  hex_string (= 1.0.1)
  httparty (= 0.16.2)
  json (= 2.1.0)
  rake (~> 10.0)
  rspec (~> 3.0)
  ruby2!

BUNDLED WITH
   1.16.2
